GEM
  remote: https://rubygems.org/
  specs:
    addressable (2.8.0)
      public_suffix (>= 2.0.2, < 5.0)
    ast (2.4.0)
    coderay (1.1.2)
    ffi (1.13.1)
    ffi (1.13.1-x64-mingw32)
    ffi-win32-extensions (1.0.4)
      ffi
    htmlentities (4.3.4)
    httparty (0.18.1)
      mime-types (~> 3.0)
      multi_xml (>= 0.5.2)
    jaro_winkler (1.5.3)
    launchy (2.5.0)
      addressable (~> 2.7)
    method_source (0.9.2)
    mime-types (3.3.1)
      mime-types-data (~> 3.2015)
    mime-types-data (3.2021.0225)
    multi_xml (0.6.0)
    net-ping (2.0.8)
    parallel (1.18.0)
    parser (2.6.5.0)
      ast (~> 2.4.0)
    pry (0.12.2)
      coderay (~> 1.1.0)
      method_source (~> 0.9.0)
    public_suffix (4.0.6)
    rainbow (3.0.0)
    rubocop (0.76.0)
      jaro_winkler (~> 1.5.1)
      parallel (~> 1.10)
      parser (>= 2.6)
      rainbow (>= 2.2.2, < 4.0)
      ruby-progressbar (~> 1.7)
      unicode-display_width (>= 1.4.0, < 1.7)
    ruby-progressbar (1.10.1)
    simple-rss (1.3.3)
    tty-cursor (0.7.0)
    tty-reader (0.6.0)
      tty-cursor (~> 0.7)
      tty-screen (~> 0.7)
      wisper (~> 2.0.0)
    tty-screen (0.7.0)
    unicode-display_width (1.6.0)
    win32-security (0.5.0)
      ffi
      ffi-win32-extensions
    wisper (2.0.1)

PLATFORMS
  ruby
  x64-mingw32

DEPENDENCIES
  htmlentities
  httparty
  launchy
  net-ping
  pry
  rubocop
  simple-rss
  tty-reader
  win32-security

RUBY VERSION
   ruby 2.6.5p114

BUNDLED WITH
   1.17.3
