GEM
  remote: https://rubygems.org/
  specs:
    ast (2.4.0)
    coderay (1.1.2)
    colorize (0.8.1)
    htmlentities (4.3.4)
    jaro_winkler (1.5.3)
    method_source (0.9.2)
    parallel (1.18.0)
    parser (2.6.5.0)
      ast (~> 2.4.0)
    pry (0.12.2)
      coderay (~> 1.1.0)
      method_source (~> 0.9.0)
    rainbow (3.0.0)
    rubocop (0.76.0)
      jaro_winkler (~> 1.5.1)
      parallel (~> 1.10)
      parser (>= 2.6)
      rainbow (>= 2.2.2, < 4.0)
      ruby-progressbar (~> 1.7)
      unicode-display_width (>= 1.4.0, < 1.7)
    ruby-progressbar (1.10.1)
    simple-rss (1.3.3)
    tty-cursor (0.7.0)
    tty-reader (0.6.0)
      tty-cursor (~> 0.7)
      tty-screen (~> 0.7)
      wisper (~> 2.0.0)
    tty-screen (0.7.0)
    unicode-display_width (1.6.0)
    wisper (2.0.1)

PLATFORMS
  ruby
  x64-mingw32

DEPENDENCIES
  colorize
  htmlentities
  pry
  rubocop
  simple-rss
  tty-reader

RUBY VERSION
   ruby 2.6.5p114

BUNDLED WITH
   1.17.3
